GEM
  remote: https://rubygems.org/
  specs:
    byebug (11.1.3)
    rice (4.1.0)
    torch-rb (0.14.0)
      rice (>= 4.1.0)

PLATFORMS
  arm64-darwin-22

DEPENDENCIES
  byebug
  torch-rb

BUNDLED WITH
   2.4.1
